GIT
  remote: git://github.com/beezly/ruby-snmp.git
  revision: 11f292028f20fbb4692e2a044dfee06dc5ebd50a
  branch: bulkwalk
  specs:
    snmp (1.1.1)

GEM
  remote: https://rubygems.org/
  specs:
    activesupport (4.0.0)
      i18n (~> 0.6, >= 0.6.4)
      minitest (~> 4.2)
      multi_json (~> 1.3)
      thread_safe (~> 0.1)
      tzinfo (~> 0.3.37)
    atomic (1.1.16)
    eventmachine (1.0.3)
    graphite-api (0.1.3)
      eventmachine (>= 0.3.3)
      zscheduler (>= 0.0.3)
    i18n (0.6.9)
    minitest (4.7.5)
    multi_json (1.9.0)
    nagiosplugin (2.1.1)
    rufus-scheduler (3.0.7)
      tzinfo
    thread_safe (0.2.0)
      atomic (>= 1.1.7, < 2)
    tzinfo (0.3.39)
    zscheduler (0.0.5)
      eventmachine

PLATFORMS
  ruby

DEPENDENCIES
  activesupport
  graphite-api
  nagiosplugin
  rufus-scheduler
  snmp!
